GEM
  remote: https://rubygems.org/
  specs:
    base64 (0.2.0)
    bson (3.0.4)
    bson (3.0.4-java)
    daemons (1.1.9)
    eventmachine (1.0.0)
    eventmachine (1.0.0-java)
    json (2.3.0)
    json (2.3.0-java)
    logger (1.6.6)
    mongo (2.1.2)
      bson (~> 3.0)
    mustermann (3.0.3)
      ruby2_keywords (~> 0.0.1)
    rack (3.1.12)
    rack-protection (4.1.0)
      base64 (>= 0.1.0)
      logger (>= 1.6.0)
      rack (>= 3.0.0, < 4)
    rack-session (2.1.0)
      base64 (>= 0.1.0)
      rack (>= 3.0.0)
    ruby2_keywords (0.0.5)
    sinatra (4.1.0)
      logger (>= 1.6.0)
      mustermann (~> 3.0)
      rack (>= 3.0.0, < 4)
      rack-protection (= 4.1.0)
      rack-session (>= 2.0.0, < 3)
      tilt (~> 2.0)
    slim (5.2.1)
      temple (~> 0.10.0)
      tilt (>= 2.1.0)
    temple (0.10.3)
    thin (1.5.0)
      daemons (>= 1.0.9)
      eventmachine (>= 0.12.6)
      rack (>= 1.0.0)
    tilt (2.6.0)

PLATFORMS
  java
  ruby

DEPENDENCIES
  json
  mongo
  sinatra
  slim
  thin
